GEM
  remote: https://rubygems.org/
  specs:
    faraday (0.9.2)
      multipart-post (>= 1.2, < 3)
    faraday_middleware (0.10.0)
      faraday (>= 0.7.4, < 0.10)
    json (1.8.3)
    multipart-post (2.0.0)
    pg (0.18.4)

PLATFORMS
  ruby

DEPENDENCIES
  faraday
  faraday_middleware
  json
  multipart-post
  pg

BUNDLED WITH
   1.10.6
