GEM
  remote: https://rubygems.org/
  specs:
    backports (3.6.8)
    faraday (0.9.2)
      multipart-post (>= 1.2, < 3)
    faraday_middleware (0.10.0)
      faraday (>= 0.7.4, < 0.10)
    json (1.8.3)
    mqtt (0.4.0)
    multi_json (1.12.0)
    multipart-post (2.0.0)
    pg (0.18.4)
    rack (1.6.4)
    rack-protection (1.5.3)
      rack
    rack-test (0.6.3)
      rack (>= 1.0)
    sinatra (1.4.7)
      rack (~> 1.5)
      rack-protection (~> 1.4)
      tilt (>= 1.3, < 3)
    sinatra-contrib (1.4.7)
      backports (>= 2.0)
      multi_json
      rack-protection
      rack-test
      sinatra (~> 1.4.0)
      tilt (>= 1.3, < 3)
    tilt (2.0.2)

PLATFORMS
  ruby

DEPENDENCIES
  backports
  faraday
  faraday_middleware
  json
  mqtt
  pg
  sinatra
  sinatra-contrib

BUNDLED WITH
   1.10.6
